GEM
  specs:
    chunky_png (1.2.5)
    compass (0.12.2)
      chunky_png (~> 1.2)
      fssm (>= 0.2.7)
      sass (~> 3.1)
    fssm (0.2.9)
    rack (1.4.1)
    rack-protection (1.2.0)
      rack
    rake (0.9.2.2)
    sass (3.2.0.alpha.269)
    sinatra (1.3.2)
      rack (~> 1.3, >= 1.3.6)
      rack-protection (~> 1.2)
      tilt (~> 1.3, >= 1.3.3)
    tilt (1.3.3)
    zurb-foundation (3.0.5)
      compass (>= 0.12.2)
      rake
      sass (>= 3.2.0.alpha.244)

PLATFORMS
  ruby

DEPENDENCIES
  sinatra
  zurb-foundation (~> 3.0)
