GEM
  remote: https://rubygems.org/
  specs:
    chunky_png (1.2.5)
    compass (0.12.2)
      chunky_png (~> 1.2)
      fssm (>= 0.2.7)
      sass (~> 3.1)
    fssm (0.2.9)
    i18n (0.6.0)
    mail (2.4.4)
      i18n (>= 0.4.0)
      mime-types (~> 1.16)
      treetop (~> 1.4.8)
    mime-types (1.19)
    mustermann (1.1.1)
      ruby2_keywords (~> 0.0.1)
    polyglot (0.3.3)
    pony (1.4)
      mail (> 2.0)
    rack (2.2.3)
    rack-protection (2.1.0)
      rack
    rake (0.9.2.2)
    ruby2_keywords (0.0.5)
    sass (3.2.0.alpha.269)
    sinatra (2.1.0)
      mustermann (~> 1.0)
      rack (~> 2.2)
      rack-protection (= 2.1.0)
      tilt (~> 2.0)
    tilt (2.0.10)
    treetop (1.4.10)
      polyglot
      polyglot (>= 0.3.1)
    zurb-foundation (3.0.5)
      compass (>= 0.12.2)
      rake
      sass (>= 3.2.0.alpha.244)

PLATFORMS
  ruby

DEPENDENCIES
  pony
  sinatra
  zurb-foundation (~> 3.0)
